GEM
  remote: https://rubygems.org/
  specs:
    addressable (2.7.0)
      public_suffix (>= 2.0.2, < 5.0)
    asciidoctor (2.0.10)
    asciimath (1.0.9)
    bibtex-ruby (5.1.1)
      latex-decode (~> 0.0)
    camertron-eprun (1.1.1)
    cldr-plurals-runtime-rb (1.0.1)
    cnccs (0.1.5)
    concurrent-ruby (1.1.5)
    faraday (1.0.0)
      multipart-post (>= 1.2, < 3)
    ffi (1.12.2)
    ffi (1.12.2-x64-mingw32)
    gb-agencies (0.0.6)
    git (1.6.0)
      rchardet (~> 1.8)
    html2doc (0.9.4)
      asciimath (~> 1.0.9)
      htmlentities (~> 4.3.4)
      image_size
      mime-types
      nokogiri (>= 1.10.4)
      thread_safe
      uuidtools
    htmlentities (4.3.4)
    iev (0.2.3)
      nokogiri (>= 1.10.4)
    image_size (2.0.2)
    iso-639 (0.2.8)
    iso639 (1.3.2)
    isodoc (1.0.15)
      asciimath
      html2doc (~> 0.9.0)
      htmlentities (~> 4.3.4)
      liquid
      metanorma (~> 0.3.0)
      nokogiri (>= 1.10.4)
      rake (~> 12.0)
      roman-numerals
      sassc (~> 2.2.1)
      thread_safe
      uuidtools
    isoics (0.1.8)
    latex-decode (0.3.1)
    liquid (4.0.3)
    mathml2asciimath (0.0.8)
      htmlentities (~> 4.3.4)
      nokogiri (>= 1.10.4)
    metanorma (0.3.18)
      asciidoctor
      htmlentities
    metanorma-acme (1.3.10)
      htmlentities (~> 4.3.4)
      isodoc (~> 1.0.0)
      metanorma-standoc (~> 1.3.0)
      ruby-jing
    metanorma-cli (1.2.8.6)
      git (~> 1.5)
      isodoc (~> 1.0.0)
      metanorma (~> 0.3.9)
      metanorma-acme (~> 1.3.0)
      metanorma-csa (~> 1.4.0)
      metanorma-csd (~> 1.3.0)
      metanorma-gb (~> 1.3.0)
      metanorma-iec (~> 0.1.0)
      metanorma-ietf (~> 2.0.0)
      metanorma-iso (~> 1.3.0)
      metanorma-itu (~> 1.0.0)
      metanorma-m3d (~> 1.3.0)
      metanorma-nist (~> 0.2.0)
      metanorma-ogc (~> 0.2.0)
      metanorma-standoc (~> 1.3.0)
      metanorma-unece (~> 0.2.0)
      thor (~> 0.20.3)
    metanorma-csa (1.4.2)
      htmlentities (~> 4.3.4)
      image_size
      isodoc (~> 1.0.0)
      metanorma-standoc (~> 1.3.0)
      mime-types
      ruby-jing
      thread_safe
      uuidtools
    metanorma-csd (1.3.11)
      isodoc (~> 1.0.0)
      metanorma-standoc (~> 1.3.0)
    metanorma-gb (1.3.14)
      gb-agencies (~> 0.0.4)
      htmlentities (~> 4.3.4)
      isodoc (~> 1.0.0)
      metanorma-iso (~> 1.3.0)
      twitter_cldr (~> 4.4.4)
    metanorma-iec (0.1.6)
      isodoc (~> 1.0.0)
      metanorma-iso (~> 1.3.0)
      ruby-jing
    metanorma-ietf (2.0.2)
      isodoc (~> 1.0.0)
      mathml2asciimath
      metanorma-standoc (~> 1.3.0)
    metanorma-iso (1.3.15)
      isodoc (~> 1.0.0)
      metanorma-standoc (~> 1.3.0)
      ruby-jing
    metanorma-itu (1.0.6)
      htmlentities (~> 4.3.4)
      isodoc (~> 1.0.0)
      metanorma-standoc (~> 1.3.0)
      ruby-jing
    metanorma-m3d (1.3.11)
      asciimath
      htmlentities (~> 4.3.4)
      image_size
      isodoc (~> 1.0.0)
      metanorma-standoc (~> 1.3.0)
      mime-types
      ruby-jing
      thread_safe
      uuidtools
    metanorma-nist (0.2.13)
      htmlentities (~> 4.3.4)
      isodoc (~> 1.0.0)
      metanorma-standoc (~> 1.3.0)
      ruby-jing
      twitter_cldr
      tzinfo-data
    metanorma-ogc (0.2.12)
      htmlentities (~> 4.3.4)
      iso-639
      isodoc (~> 1.0.0)
      metanorma-standoc (~> 1.3.0)
      ruby-jing
    metanorma-standoc (1.3.16)
      asciidoctor (~> 2.0.0)
      concurrent-ruby
      html2doc (~> 0.9.0)
      iev (~> 0.2.1)
      isodoc (~> 1.0.0)
      mimemagic
      relaton (~> 0.7.0)
      relaton-iev (~> 0.1.0)
      ruby-jing
      sterile (~> 1.0.14)
      unicode2latex (~> 0.0.1)
    metanorma-unece (0.2.13)
      htmlentities (~> 4.3.4)
      iso-639
      isodoc (~> 1.0.0)
      metanorma-standoc (~> 1.3.0)
      roman-numerals
      ruby-jing
      twitter_cldr
    mime-types (3.3.1)
      mime-types-data (~> 3.2015)
    mime-types-data (3.2019.1009)
    mimemagic (0.3.4)
    mini_portile2 (2.4.0)
    multipart-post (2.1.1)
    nokogiri (1.10.7)
      mini_portile2 (~> 2.4.0)
    nokogiri (1.10.7-x64-mingw32)
      mini_portile2 (~> 2.4.0)
    optout (0.0.2)
    public_suffix (4.0.3)
    rake (12.3.3)
    rchardet (1.8.0)
    relaton (0.7.0)
      relaton-calconnect (~> 0.3.0)
      relaton-gb (~> 0.8.0)
      relaton-iec (~> 0.6.0)
      relaton-ietf (~> 0.8.0)
      relaton-iso (~> 0.8.0)
      relaton-itu (~> 0.5.0)
      relaton-nist (~> 0.5.0)
      relaton-ogc (~> 0.3.0)
    relaton-bib (0.5.1)
      addressable
      bibtex-ruby
      iso639
      nokogiri
    relaton-calconnect (0.3.0)
      faraday
      relaton-iso-bib (~> 0.5.0)
    relaton-cli (0.5.0)
      liquid
      relaton (~> 0.7.0)
      thor
    relaton-gb (0.8.0)
      cnccs (~> 0.1.1)
      gb-agencies (~> 0.0.1)
      relaton-iso-bib (~> 0.5.0)
    relaton-iec (0.6.0)
      addressable
      relaton-iso-bib (~> 0.5.0)
    relaton-ietf (0.8.0)
      relaton-bib (~> 0.5.0)
    relaton-iev (0.1.3)
      relaton (~> 0.7)
    relaton-iso (0.8.2)
      relaton-iec (~> 0.6.0)
      relaton-iso-bib (~> 0.5.0)
    relaton-iso-bib (0.5.0)
      isoics (~> 0.1.6)
      relaton-bib (~> 0.5.0)
      ruby_deep_clone (~> 0.8.0)
    relaton-itu (0.5.1)
      relaton-iso-bib (~> 0.5.0)
    relaton-nist (0.5.1)
      relaton-bib (~> 0.5.0)
      rubyzip
    relaton-ogc (0.3.0)
      faraday (~> 1.0.0)
      relaton-iso-bib (~> 0.5.0)
    roman-numerals (0.3.0)
    ruby-jing (0.0.1)
      optout (>= 0.0.2)
    ruby_deep_clone (0.8.0)
    rubyzip (2.2.0)
    sassc (2.2.1)
      ffi (~> 1.9)
    sassc (2.2.1-x64-mingw32)
      ffi (~> 1.9)
    sterile (1.0.14)
      nokogiri
    thor (0.20.3)
    thread_safe (0.3.6)
    twitter_cldr (4.4.5)
      camertron-eprun
      cldr-plurals-runtime-rb (~> 1.0)
      tzinfo
    tzinfo (2.0.1)
      concurrent-ruby (~> 1.0)
    tzinfo-data (1.2019.3)
      tzinfo (>= 1.0.0)
    unicode2latex (0.0.3)
    uuidtools (2.1.5)

PLATFORMS
  ruby
  x64-mingw32

DEPENDENCIES
  metanorma-cli
  relaton-cli

BUNDLED WITH
   2.1.4
